GEM
  remote: https://rubygems.org/
  specs:
    activemodel (3.2.13)
      activesupport (= 3.2.13)
      builder (~> 3.0.0)
    activerecord (3.2.13)
      activemodel (= 3.2.13)
      activesupport (= 3.2.13)
      arel (~> 3.0.2)
      tzinfo (~> 0.3.29)
    activesupport (3.2.13)
      i18n (= 0.6.1)
      multi_json (~> 1.0)
    arel (3.0.2)
    ast (1.0.2)
    builder (3.0.4)
    i18n (0.6.1)
    multi_json (1.7.4)
    parser (2.0.0.beta3)
      ast (~> 1.0)
      slop (~> 3.4)
    rainbow (1.1.4)
    rake (10.0.4)
    rubocop (0.8.0)
      parser (~> 2.0.0.beta2)
      rainbow (>= 1.1.4)
    slop (3.4.5)
    sqlite3 (1.3.7)
    tzinfo (0.3.37)

PLATFORMS
  ruby

DEPENDENCIES
  activerecord
  rake
  rubocop
  sqlite3
